GEM
  remote: https://rubygems.org/
  specs:
    colorize (0.8.1)
    ruby2d (0.9.4)

PLATFORMS
  ruby

DEPENDENCIES
  colorize (~> 0.8.1)
  ruby2d (~> 0.9.4)

BUNDLED WITH
   2.1.4
